GEM
  remote: https://rubygems.org/
  specs:
    byebug (11.1.3)
    lorekeeper (2.2.0)
      oj (>= 3.12, < 4.0)
    mustermann (2.0.2)
      ruby2_keywords (~> 0.0.1)
    oj (3.13.19)
    rack (2.2.4)
    rack-protection (2.2.2)
      rack
    ruby2_keywords (0.0.5)
    sinatra (2.2.2)
      mustermann (~> 2.0)
      rack (~> 2.2)
      rack-protection (= 2.2.2)
      tilt (~> 2.0)
    tilt (2.0.11)

PLATFORMS
  x86_64-darwin-21

DEPENDENCIES
  byebug
  lorekeeper
  sinatra

BUNDLED WITH
   2.3.16
